GIT
  remote: https://github.com/Devbootcamp/omniauth-dbc.git
  revision: 75899feab1e6cdfb3197f57e5139689f1b5b2050
  specs:
    omniauth-dbc (1.0.0)
      omniauth (~> 1.0)
      omniauth-oauth2 (~> 1.1)

GEM
  remote: https://rubygems.org/
  specs:
    actionmailer (3.2.14)
      actionpack (= 3.2.14)
      mail (~> 2.5.4)
    actionpack (3.2.14)
      activemodel (= 3.2.14)
      activesupport (= 3.2.14)
      builder (~> 3.0.0)
      erubis (~> 2.7.0)
      journey (~> 1.0.4)
      rack (~> 1.4.5)
      rack-cache (~> 1.2)
      rack-test (~> 0.6.1)
      sprockets (~> 2.2.1)
    activemodel (3.2.14)
      activesupport (= 3.2.14)
      builder (~> 3.0.0)
    activerecord (3.2.14)
      activemodel (= 3.2.14)
      activesupport (= 3.2.14)
      arel (~> 3.0.2)
      tzinfo (~> 0.3.29)
    activeresource (3.2.14)
      activemodel (= 3.2.14)
      activesupport (= 3.2.14)
    activesupport (3.2.14)
      i18n (~> 0.6, >= 0.6.4)
      multi_json (~> 1.0)
    addressable (2.3.5)
    arel (3.0.3)
    builder (3.0.4)
    celluloid (0.15.2)
      timers (~> 1.1.0)
    coderay (1.0.9)
    coffee-rails (3.2.2)
      coffee-script (>= 2.2.0)
      railties (~> 3.2.0)
    coffee-script (2.2.0)
      coffee-script-source
      execjs
    coffee-script-source (1.6.3)
    dbc-ruby (1.0.4)
      rest-client
    dotenv (0.9.0)
    dotenv-rails (0.9.0)
      dotenv (= 0.9.0)
    em-websocket (0.5.0)
      eventmachine (>= 0.12.9)
      http_parser.rb (~> 0.5.3)
    erubis (2.7.0)
    eventmachine (1.0.3)
    execjs (2.0.2)
    faraday (0.8.8)
      multipart-post (~> 1.2.0)
    ffi (1.9.3)
    formatador (0.2.4)
    geocoder (1.1.9)
    gravatar_image_tag (1.2.0)
    guard (2.2.5)
      formatador (>= 0.2.4)
      listen (~> 2.1)
      lumberjack (~> 1.0)
      pry (>= 0.9.12)
      thor (>= 0.18.1)
    guard-livereload (2.1.0)
      em-websocket (~> 0.5)
      guard (~> 2.0)
      multi_json (~> 1.8)
    guard-rails (0.4.7)
      guard (>= 0.2.2)
    hashie (2.0.5)
    hike (1.2.3)
    http_parser.rb (0.5.3)
    httpauth (0.2.0)
    i18n (0.6.9)
    journey (1.0.4)
    jquery-rails (3.0.4)
      railties (>= 3.0, < 5.0)
      thor (>= 0.14, < 2.0)
    json (1.8.1)
    jwt (0.1.8)
      multi_json (>= 1.5)
    linkedin (0.4.4)
      hashie (>= 1.2, < 2.1)
      multi_json (~> 1.0)
      oauth (~> 0.4)
    listen (2.4.0)
      celluloid (>= 0.15.2)
      rb-fsevent (>= 0.9.3)
      rb-inotify (>= 0.9)
    lumberjack (1.0.4)
    mail (2.5.4)
      mime-types (~> 1.16)
      treetop (~> 1.4.8)
    method_source (0.8.2)
    mime-types (1.25.1)
    multi_json (1.8.2)
    multipart-post (1.2.0)
    oauth (0.4.7)
    oauth2 (0.8.1)
      faraday (~> 0.8)
      httpauth (~> 0.1)
      jwt (~> 0.1.4)
      multi_json (~> 1.0)
      rack (~> 1.2)
    octokit (2.6.3)
      sawyer (~> 0.5.1)
    omniauth (1.1.4)
      hashie (>= 1.2, < 3)
      rack
    omniauth-oauth2 (1.1.1)
      oauth2 (~> 0.8.0)
      omniauth (~> 1.0)
    pg (0.17.0)
    polyglot (0.3.3)
    pry (0.9.12.2)
      coderay (~> 1.0.5)
      method_source (~> 0.8)
      slop (~> 3.4)
    quiet_assets (1.0.2)
      railties (>= 3.1, < 5.0)
    rack (1.4.5)
    rack-cache (1.2)
      rack (>= 0.4)
    rack-livereload (0.3.15)
      rack
    rack-ssl (1.3.3)
      rack
    rack-test (0.6.2)
      rack (>= 1.0)
    rails (3.2.14)
      actionmailer (= 3.2.14)
      actionpack (= 3.2.14)
      activerecord (= 3.2.14)
      activeresource (= 3.2.14)
      activesupport (= 3.2.14)
      bundler (~> 1.0)
      railties (= 3.2.14)
    railties (3.2.14)
      actionpack (= 3.2.14)
      activesupport (= 3.2.14)
      rack-ssl (~> 1.3.2)
      rake (>= 0.8.7)
      rdoc (~> 3.4)
      thor (>= 0.14.6, < 2.0)
    rake (10.1.0)
    rb-fsevent (0.9.3)
    rb-inotify (0.9.3)
      ffi (>= 0.5.0)
    rdoc (3.12.2)
      json (~> 1.4)
    rest-client (1.6.7)
      mime-types (>= 1.16)
    sass (3.2.12)
    sass-rails (3.2.6)
      railties (~> 3.2.0)
      sass (>= 3.1.10)
      tilt (~> 1.3)
    sawyer (0.5.1)
      addressable (~> 2.3.5)
      faraday (~> 0.8, < 0.10)
    sextant (0.2.4)
      rails (>= 3.2)
    slop (3.4.6)
    sprockets (2.2.2)
      hike (~> 1.2)
      multi_json (~> 1.0)
      rack (~> 1.0)
      tilt (~> 1.1, != 1.3.0)
    thor (0.18.1)
    tilt (1.4.1)
    timers (1.1.0)
    treetop (1.4.15)
      polyglot
      polyglot (>= 0.3.1)
    tzinfo (0.3.38)
    uglifier (2.3.3)
      execjs (>= 0.3.0)
      json (>= 1.8.0)

PLATFORMS
  ruby

DEPENDENCIES
  coffee-rails (~> 3.2.1)
  dbc-ruby
  dotenv-rails
  geocoder
  gravatar_image_tag
  guard
  guard-livereload
  guard-rails
  jquery-rails
  json
  linkedin
  oauth2 (~> 0.8.0)
  octokit
  omniauth
  omniauth-dbc!
  omniauth-oauth2
  pg
  pry
  quiet_assets
  rack-livereload
  rails (= 3.2.14)
  sass-rails (~> 3.2.3)
  sextant
  uglifier (>= 1.0.3)
